GIT
  remote: https://github.com/FooBarWidget/default_value_for.git
  revision: b53779da93df9bfc78f1ac051d4477f8337bbe1d
  specs:
    default_value_for (3.0.2)
      activerecord (>= 3.2.0, < 5.1)

GIT
  remote: https://github.com/HappyFunCorp/dateslices.git
  revision: 58f07a36f6a3a39be6a7fa7316728f84d8d60773
  specs:
    dateslices (0.0.4)
      rails (> 4)

GIT
  remote: https://github.com/ankane/groupdate.git
  revision: a3cd9f99a3b5cdabdccb43316f22f65a8dbba1fc
  specs:
    groupdate (3.2.0)
      activesupport (>= 3)

GIT
  remote: https://github.com/damln/localtower.git
  revision: e64710b07b98250d3d7b7a42ec0c9fba48995f05
  specs:
    localtower (0.1.8)
      active_link_to
      pg
      rails (>= 4.2.0)
      rubyzip
      sqlite3
      thor

GIT
  remote: https://github.com/doabit/semantic-ui-sass.git
  revision: 48f03deab9131ad1583eda53c16b3eb83e11c178
  specs:
    semantic-ui-sass (2.2.10.1)
      sass (>= 3.2)

GIT
  remote: https://github.com/kntmrkm/data-confirm-modal-semantic-ui.git
  revision: 4b2b314939c9ed2391f1fcf88c078af3d7f7ecf3
  specs:
    data-confirm-modal-semantic-ui (1.0.0)
      railties (>= 3.0)

GIT
  remote: https://github.com/plataformatec/devise.git
  revision: 079ed3b6f8b671acde2dd630d28d21adb010fb3a
  specs:
    devise (4.3.0)
      bcrypt (~> 3.0)
      orm_adapter (~> 0.1)
      railties (>= 4.1.0, < 5.2)
      responders
      warden (~> 1.2.3)

GIT
  remote: https://github.com/plataformatec/simple_form.git
  revision: 35ee9e823d3dd224d165c0a373a89ef3f02c303d
  specs:
    simple_form (3.4.0)
      actionpack (> 4, < 5.1)
      activemodel (> 4, < 5.1)

GIT
  remote: https://github.com/roo-rb/roo.git
  revision: 6bde8588dfd97d7a18981ee3ac7b444fec165a2c
  specs:
    roo (2.7.1)
      nokogiri (~> 1)
      rubyzip (>= 1.2.1, < 2.0.0)

GIT
  remote: https://github.com/rzane/baby_squeel.git
  revision: 0d7a567e43d3d2ba8ebb7095a9569b6db50bf5c7
  specs:
    baby_squeel (1.1.4)
      activerecord (>= 4.2.0)
      polyamorous (~> 1.3)

GIT
  remote: https://github.com/zdennis/activerecord-import.git
  revision: 39236987556d2fec019d0b9500f2f729b34c5c5a
  specs:
    activerecord-import (0.18.3)
      activerecord (>= 3.2)

GEM
  remote: https://rubygems.org/
  specs:
    actioncable (5.0.3)
      actionpack (= 5.0.3)
      nio4r (>= 1.2, < 3.0)
      websocket-driver (~> 0.6.1)
    actionmailer (5.0.3)
      actionpack (= 5.0.3)
      actionview (= 5.0.3)
      activejob (= 5.0.3)
      mail (~> 2.5, >= 2.5.4)
      rails-dom-testing (~> 2.0)
    actionpack (5.0.3)
      actionview (= 5.0.3)
      activesupport (= 5.0.3)
      rack (~> 2.0)
      rack-test (~> 0.6.3)
      rails-dom-testing (~> 2.0)
      rails-html-sanitizer (~> 1.0, >= 1.0.2)
    actionview (5.0.3)
      activesupport (= 5.0.3)
      builder (~> 3.1)
      erubis (~> 2.7.0)
      rails-dom-testing (~> 2.0)
      rails-html-sanitizer (~> 1.0, >= 1.0.3)
    active_link_to (1.0.4)
      actionpack
      addressable
    activejob (5.0.3)
      activesupport (= 5.0.3)
      globalid (>= 0.3.6)
    activemodel (5.0.3)
      activesupport (= 5.0.3)
    activerecord (5.0.3)
      activemodel (= 5.0.3)
      activesupport (= 5.0.3)
      arel (~> 7.0)
    activesupport (5.0.3)
      concurrent-ruby (~> 1.0, >= 1.0.2)
      i18n (~> 0.7)
      minitest (~> 5.1)
      tzinfo (~> 1.1)
    addressable (2.5.1)
      public_suffix (~> 2.0, >= 2.0.2)
    arel (7.1.4)
    awesome_print (1.7.0)
    bcrypt (3.1.11)
    builder (3.2.3)
    bullet (5.5.1)
      activesupport (>= 3.0.0)
      uniform_notifier (~> 1.10.0)
    byebug (9.0.6)
    chartkick (2.2.4)
    chronic (0.10.2)
    coderay (1.1.1)
    coffee-rails (4.2.1)
      coffee-script (>= 2.2.0)
      railties (>= 4.0.0, < 5.2.x)
    coffee-script (2.4.1)
      coffee-script-source
      execjs
    coffee-script-source (1.12.2)
    concurrent-ruby (1.0.5)
    daemons (1.2.4)
    deep_merge (1.1.1)
    delayed_job (4.1.2)
      activesupport (>= 3.0, < 5.1)
    delayed_job_active_record (4.1.1)
      activerecord (>= 3.0, < 5.1)
      delayed_job (>= 3.0, < 5)
    erubis (2.7.0)
    et-orbi (1.0.4)
      tzinfo
    eu_central_bank (1.1.2)
      money (~> 6.8.0)
      nokogiri (>= 1.6.3, < 2.0)
    execjs (2.7.0)
    faker (1.7.3)
      i18n (~> 0.5)
    ffi (1.9.18)
    globalid (0.4.0)
      activesupport (>= 4.2.0)
    highline (1.7.8)
    i18n (0.8.1)
    jbuilder (2.6.4)
      activesupport (>= 3.0.0)
      multi_json (>= 1.2)
    jquery-rails (4.3.1)
      rails-dom-testing (>= 1, < 3)
      railties (>= 4.2.0)
      thor (>= 0.14, < 2.0)
    listen (3.0.8)
      rb-fsevent (~> 0.9, >= 0.9.4)
      rb-inotify (~> 0.9, >= 0.9.7)
    lograge (0.5.1)
      actionpack (>= 4, < 5.2)
      activesupport (>= 4, < 5.2)
      railties (>= 4, < 5.2)
    loofah (2.0.3)
      nokogiri (>= 1.5.9)
    mail (2.6.5)
      mime-types (>= 1.16, < 4)
    method_source (0.8.2)
    mime-types (3.1)
      mime-types-data (~> 3.2015)
    mime-types-data (3.2016.0521)
    mini_portile2 (2.1.0)
    minitest (5.10.2)
    money (6.8.4)
      i18n (>= 0.6.4, < 0.9)
      sixarm_ruby_unaccent (>= 1.1.1, < 2)
    multi_json (1.12.1)
    nio4r (2.0.0)
    nokogiri (1.7.2)
      mini_portile2 (~> 2.1.0)
    orm_adapter (0.5.0)
    pg (0.20.0)
    polyamorous (1.3.1)
      activerecord (>= 3.0)
    pry (0.10.4)
      coderay (~> 1.1.0)
      method_source (~> 0.8.1)
      slop (~> 3.4)
    pry-rails (0.3.6)
      pry (>= 0.10.4)
    public_suffix (2.0.5)
    puma (3.8.2)
    quiet_safari (1.0.0)
      railties (>= 3.1.0)
    rack (2.0.2)
    rack-test (0.6.3)
      rack (>= 1.0)
    rails (5.0.3)
      actioncable (= 5.0.3)
      actionmailer (= 5.0.3)
      actionpack (= 5.0.3)
      actionview (= 5.0.3)
      activejob (= 5.0.3)
      activemodel (= 5.0.3)
      activerecord (= 5.0.3)
      activesupport (= 5.0.3)
      bundler (>= 1.3.0, < 2.0)
      railties (= 5.0.3)
      sprockets-rails (>= 2.0.0)
    rails-dom-testing (2.0.3)
      activesupport (>= 4.2.0)
      nokogiri (>= 1.6)
    rails-html-sanitizer (1.0.3)
      loofah (~> 2.0)
    rails_layout (1.0.40)
    railties (5.0.3)
      actionpack (= 5.0.3)
      activesupport (= 5.0.3)
      method_source
      rake (>= 0.8.7)
      thor (>= 0.18.1, < 2.0)
    rake (12.0.0)
    rb-fsevent (0.9.4)
    rb-inotify (0.9.8)
      ffi (>= 0.5.0)
    responders (2.4.0)
      actionpack (>= 4.2.0, < 5.3)
      railties (>= 4.2.0, < 5.3)
    roo-xls (1.0.0)
      nokogiri
      roo (>= 2.0.0beta1, < 3)
      spreadsheet (> 0.9.0)
    ruby-ole (1.2.12.1)
    rubyzip (1.2.1)
    rufus-scheduler (3.4.0)
      et-orbi (~> 1.0)
    sass (3.4.23)
    sass-rails (5.0.6)
      railties (>= 4.0.0, < 6)
      sass (~> 3.1)
      sprockets (>= 2.8, < 4.0)
      sprockets-rails (>= 2.0, < 4.0)
      tilt (>= 1.1, < 3)
    sixarm_ruby_unaccent (1.1.1)
    slop (3.6.0)
    spreadsheet (1.1.4)
      ruby-ole (>= 1.0)
    spring (2.0.1)
      activesupport (>= 4.2)
    spring-watcher-listen (2.0.1)
      listen (>= 2.7, < 4.0)
      spring (>= 1.2, < 3.0)
    sprockets (3.7.1)
      concurrent-ruby (~> 1.0)
      rack (> 1, < 3)
    sprockets-rails (3.2.0)
      actionpack (>= 4.0)
      activesupport (>= 4.0)
      sprockets (>= 3.0.0)
    sqlite3 (1.3.13)
    thor (0.19.4)
    thread_safe (0.3.6)
    tilt (2.0.7)
    to_csv-rails (0.1.5)
    to_xls-rails (1.3.1)
      spreadsheet (>= 0.8.5)
    turbolinks (5.0.1)
      turbolinks-source (~> 5)
    turbolinks-source (5.0.3)
    tzinfo (1.2.3)
      thread_safe (~> 0.1)
    uglifier (3.2.0)
      execjs (>= 0.3.0, < 3)
    uniform_notifier (1.10.0)
    warden (1.2.7)
      rack (>= 1.0)
    websocket-driver (0.6.5)
      websocket-extensions (>= 0.1.0)
    websocket-extensions (0.1.2)
    will_paginate (3.1.5)
    will_paginate_semantic_ui (2.1.0)
      will_paginate (> 3.0.0)

PLATFORMS
  ruby

DEPENDENCIES
  activerecord-import!
  awesome_print
  baby_squeel!
  bullet
  byebug
  chartkick
  chronic
  coffee-rails (~> 4.2)
  daemons
  data-confirm-modal-semantic-ui!
  dateslices!
  deep_merge
  default_value_for!
  delayed_job_active_record
  devise!
  eu_central_bank
  faker
  groupdate!
  highline
  jbuilder (~> 2.5)
  jquery-rails
  listen (~> 3.0.5)
  localtower!
  lograge
  money
  pg
  pry-rails
  puma (~> 3.0)
  quiet_safari
  rails (~> 5.0.0, >= 5.0.0.1)
  rails_layout
  roo!
  roo-xls
  rufus-scheduler
  sass-rails (~> 5.0)
  semantic-ui-sass!
  simple_form!
  spring
  spring-watcher-listen (~> 2.0.0)
  sqlite3
  to_csv-rails
  to_xls-rails
  turbolinks (~> 5)
  tzinfo-data
  uglifier (>= 1.3.0)
  will_paginate (~> 3.1.0)
  will_paginate_semantic_ui

BUNDLED WITH
   1.14.6
